GEM
  remote: https://rubygems.org/
  specs:
    bandwidth-sdk (1.0.1)
      certifi (~> 2018.1)
      faraday (~> 0.15.4)
      faraday-http-cache (~> 2.0.0)
      faraday_middleware (~> 0.13.1)
      logging (~> 2.2.2)
    certifi (2018.01.18)
    faraday (0.15.4)
      multipart-post (>= 1.2, < 3)
    faraday-http-cache (2.0.0)
      faraday (~> 0.8)
    faraday_middleware (0.13.1)
      faraday (>= 0.7.4, < 1.0)
    little-plugger (1.1.4)
    logging (2.2.2)
      little-plugger (~> 1.1)
      multi_json (~> 1.10)
    multi_json (1.14.1)
    multipart-post (2.1.1)
    mustermann (1.0.3)
    rack (2.2.3)
    rack-protection (2.0.7)
      rack
    sinatra (2.0.7)
      mustermann (~> 1.0)
      rack (~> 2.0)
      rack-protection (= 2.0.7)
      tilt (~> 2.0)
    tilt (2.0.10)

PLATFORMS
  ruby

DEPENDENCIES
  bandwidth-sdk
  sinatra

BUNDLED WITH
   2.0.2
