GEM
  remote: https://rubygems.org/
  specs:
    bandwidth-sdk (2.2.2)
      builder (~> 3.2.4)
      certifi (~> 2018.1)
      faraday (~> 0.15)
      faraday-http-cache (~> 2.0.0)
      faraday_middleware (~> 0.13)
      logging (~> 2.2)
    builder (3.2.4)
    certifi (2018.01.18)
    faraday (0.17.3)
      multipart-post (>= 1.2, < 3)
    faraday-http-cache (2.0.0)
      faraday (~> 0.8)
    faraday_middleware (0.14.0)
      faraday (>= 0.7.4, < 1.0)
    little-plugger (1.1.4)
    logging (2.2.2)
      little-plugger (~> 1.1)
      multi_json (~> 1.10)
    multi_json (1.14.1)
    multipart-post (2.1.1)
    mustermann (1.1.1)
      ruby2_keywords (~> 0.0.1)
    rack (2.2.2)
    rack-protection (2.0.8.1)
      rack
    ruby2_keywords (0.0.2)
    sinatra (2.0.8.1)
      mustermann (~> 1.0)
      rack (~> 2.0)
      rack-protection (= 2.0.8.1)
      tilt (~> 2.0)
    tilt (2.0.10)

PLATFORMS
  ruby

DEPENDENCIES
  bandwidth-sdk
  sinatra

BUNDLED WITH
   2.1.4
